GIT
  remote: git@github.com:jekyll/jekyll-watch.git
  revision: edab6a3882d917ed424fc143633b936313295c51
  specs:
    jekyll-watch (1.1.0)
      listen (~> 2.7)

GEM
  remote: https://rubygems.org/
  specs:
    blankslate (2.1.2.4)
    celluloid (0.15.2)
      timers (~> 1.1.0)
    chunky_png (1.3.1)
    classifier (1.3.4)
      fast-stemmer (>= 1.0.0)
    coderay (1.1.0)
    coffee-script (2.3.0)
      coffee-script-source
      execjs
    coffee-script-source (1.7.1)
    colorator (0.1)
    compass (0.12.6)
      chunky_png (~> 1.2)
      fssm (>= 0.2.7)
      sass (~> 3.2.19)
    dotenv (0.10.0)
    execjs (2.2.1)
    fast-stemmer (1.0.2)
    ffi (1.9.3)
    foreman (0.63.0)
      dotenv (>= 0.7)
      thor (>= 0.13.6)
    formatador (0.2.5)
    fssm (0.2.10)
    guard (2.6.1)
      formatador (>= 0.2.4)
      listen (~> 2.7)
      lumberjack (~> 1.0)
      pry (>= 0.9.12)
      thor (>= 0.18.1)
    guard-haml (1.1.2)
      guard (~> 2.0)
      haml (>= 3.0)
    haml (4.0.5)
      tilt
    jekyll (2.2.0)
      classifier (~> 1.3)
      colorator (~> 0.1)
      jekyll-coffeescript (~> 1.0)
      jekyll-gist (~> 1.0)
      jekyll-paginate (~> 1.0)
      jekyll-sass-converter (~> 1.0)
      jekyll-watch (~> 1.0)
      kramdown (~> 1.3)
      liquid (~> 2.6.1)
      mercenary (~> 0.3.3)
      pygments.rb (~> 0.6.0)
      redcarpet (~> 3.1)
      safe_yaml (~> 1.0)
      toml (~> 0.1.0)
    jekyll-coffeescript (1.0.0)
      coffee-script (~> 2.2)
    jekyll-gist (1.1.0)
    jekyll-paginate (1.0.0)
    jekyll-sass-converter (1.1.0)
      sass (~> 3.2)
    kramdown (1.4.0)
    liquid (2.6.1)
    listen (2.7.6)
      celluloid (>= 0.15.2)
      rb-fsevent (>= 0.9.3)
      rb-inotify (>= 0.9)
    lumberjack (1.0.6)
    mercenary (0.3.4)
    method_source (0.8.2)
    parslet (1.5.0)
      blankslate (~> 2.0)
    posix-spawn (0.3.8)
    pry (0.9.12.6)
      coderay (~> 1.0)
      method_source (~> 0.8)
      slop (~> 3.4)
    pygments.rb (0.6.0)
      posix-spawn (~> 0.3.6)
      yajl-ruby (~> 1.1.0)
    rb-fsevent (0.9.4)
    rb-inotify (0.9.4)
      ffi (>= 0.5.0)
    redcarpet (3.1.2)
    safe_yaml (1.0.3)
    sass (3.2.19)
    slop (3.5.0)
    susy (1.0.9)
      compass (>= 0.12.2)
      sass (>= 3.2.0)
    thor (0.19.1)
    tilt (2.0.0)
    timers (1.1.0)
    toml (0.1.1)
      parslet (~> 1.5.0)
    yajl-ruby (1.1.0)

PLATFORMS
  ruby

DEPENDENCIES
  compass
  foreman (= 0.63.0)
  guard-haml
  haml
  jekyll
  jekyll-watch!
  susy
